PATH
  remote: .
  specs:
    dbscan (0.2)
      distance_measures
      geocoder

GEM
  remote: https://rubygems.org/
  specs:
    diff-lcs (1.3)
    distance_measures (0.0.6)
    geocoder (1.5.1)
    rspec (3.8.0)
      rspec-core (~> 3.8.0)
      rspec-expectations (~> 3.8.0)
      rspec-mocks (~> 3.8.0)
    rspec-core (3.8.0)
      rspec-support (~> 3.8.0)
    rspec-expectations (3.8.2)
      diff-lcs (>= 1.2.0, < 2.0)
      rspec-support (~> 3.8.0)
    rspec-mocks (3.8.0)
      diff-lcs (>= 1.2.0, < 2.0)
      rspec-support (~> 3.8.0)
    rspec-support (3.8.0)

PLATFORMS
  ruby

DEPENDENCIES
  dbscan!
  rspec

BUNDLED WITH
   1.14.6
